GEM
  remote: https://rubygems.org/
  specs:
    cod (0.5.0)
    coderay (1.0.9)
    digest-crc (0.4.0)
    method_source (0.8.1)
    pry (0.9.12.1)
      coderay (~> 1.0.5)
      method_source (~> 0.8)
      slop (~> 3.4)
    shoes (3.0.1)
    slop (3.4.4)

PLATFORMS
  ruby

DEPENDENCIES
  cod
  digest-crc
  pry
  shoes
